GEM
  remote: https://rubygems.org/
  specs:
    rake (10.5.0)
    sass (3.4.21)
    scss_lint (0.44.0)
      rake (~> 10.0)
      sass (~> 3.4.15)

PLATFORMS
  ruby

DEPENDENCIES
  sass
  scss_lint

BUNDLED WITH
   1.10.6
